GEM
  remote: https://rubygems.org/
  specs:
    RedCloth (4.2.9)
    activesupport (4.2.5.1)
      i18n (~> 0.7)
      json (~> 1.7, >= 1.7.7)
      minitest (~> 5.1)
      thread_safe (~> 0.3, >= 0.3.4)
      tzinfo (~> 1.1)
    addressable (2.4.0)
    blankslate (2.1.2.4)
    buftok (0.2.0)
    classifier-reborn (2.0.3)
      fast-stemmer (~> 1.0)
    coffee-script (2.4.1)
      coffee-script-source
      execjs
    coffee-script-source (1.10.0)
    colorator (0.1)
    colorize (0.7.7)
    domain_name (0.5.20160309)
      unf (>= 0.0.5, < 1.0.0)
    equalizer (0.0.10)
    ethon (0.8.1)
      ffi (>= 1.3.0)
    execjs (2.6.0)
    faraday (0.9.2)
      multipart-post (>= 1.2, < 3)
    fast-stemmer (1.0.2)
    ffi (1.9.10)
    firebase (0.2.6)
      httpclient
      json
    firebase_token_generator (2.0.0)
    gemoji (2.1.0)
    github-pages (39)
      RedCloth (= 4.2.9)
      github-pages-health-check (~> 0.2)
      jekyll (= 2.4.0)
      jekyll-coffeescript (= 1.0.1)
      jekyll-feed (= 0.3.1)
      jekyll-mentions (= 0.2.1)
      jekyll-redirect-from (= 0.8.0)
      jekyll-sass-converter (= 1.3.0)
      jekyll-sitemap (= 0.8.1)
      jemoji (= 0.5.0)
      kramdown (= 1.5.0)
      liquid (= 2.6.2)
      maruku (= 0.7.0)
      mercenary (~> 0.3)
      pygments.rb (= 0.6.3)
      rdiscount (= 2.1.7)
      redcarpet (= 3.3.2)
      terminal-table (~> 1.4)
    github-pages-health-check (0.6.0)
      addressable (~> 2.3)
      net-dns (~> 0.8)
      public_suffix (~> 1.4)
      typhoeus (~> 0.7)
    html-pipeline (1.9.0)
      activesupport (>= 2)
      nokogiri (~> 1.4)
    http (1.0.4)
      addressable (~> 2.3)
      http-cookie (~> 1.0)
      http-form_data (~> 1.0.1)
      http_parser.rb (~> 0.6.0)
    http-cookie (1.0.2)
      domain_name (~> 0.5)
    http-form_data (1.0.1)
    http_parser.rb (0.6.0)
    httpclient (2.7.1)
    i18n (0.7.0)
    jekyll (2.4.0)
      classifier-reborn (~> 2.0)
      colorator (~> 0.1)
      jekyll-coffeescript (~> 1.0)
      jekyll-gist (~> 1.0)
      jekyll-paginate (~> 1.0)
      jekyll-sass-converter (~> 1.0)
      jekyll-watch (~> 1.1)
      kramdown (~> 1.3)
      liquid (~> 2.6.1)
      mercenary (~> 0.3.3)
      pygments.rb (~> 0.6.0)
      redcarpet (~> 3.1)
      safe_yaml (~> 1.0)
      toml (~> 0.1.0)
    jekyll-coffeescript (1.0.1)
      coffee-script (~> 2.2)
    jekyll-feed (0.3.1)
    jekyll-gist (1.3.4)
    jekyll-mentions (0.2.1)
      html-pipeline (~> 1.9.0)
      jekyll (~> 2.0)
    jekyll-paginate (1.1.0)
    jekyll-redirect-from (0.8.0)
      jekyll (>= 2.0)
    jekyll-sass-converter (1.3.0)
      sass (~> 3.2)
    jekyll-sitemap (0.8.1)
    jekyll-watch (1.3.1)
      listen (~> 3.0)
    jemoji (0.5.0)
      gemoji (~> 2.0)
      html-pipeline (~> 1.9)
      jekyll (>= 2.0)
    json (1.8.3)
    kramdown (1.5.0)
    liquid (2.6.2)
    listen (3.0.6)
      rb-fsevent (>= 0.9.3)
      rb-inotify (>= 0.9.7)
    maruku (0.7.0)
    mechanize (2.7.4)
      domain_name (~> 0.5, >= 0.5.1)
      http-cookie (~> 1.0)
      mime-types (>= 1.17.2, < 3)
      net-http-digest_auth (~> 1.1, >= 1.1.1)
      net-http-persistent (~> 2.5, >= 2.5.2)
      nokogiri (~> 1.6)
      ntlm-http (~> 0.1, >= 0.1.1)
      webrobots (>= 0.0.9, < 0.2)
    memoizable (0.4.2)
      thread_safe (~> 0.3, >= 0.3.1)
    mercenary (0.3.5)
    mime-types (2.99.1)
    mini_portile2 (2.0.0)
    minitest (5.8.4)
    multipart-post (2.0.0)
    naught (1.1.0)
    net-dns (0.8.0)
    net-http-digest_auth (1.4)
    net-http-persistent (2.9.4)
    nokogiri (1.6.7.2)
      mini_portile2 (~> 2.0.0.rc2)
    ntlm-http (0.1.1)
    parslet (1.5.0)
      blankslate (~> 2.0)
    posix-spawn (0.3.11)
    public_suffix (1.5.3)
    pygments.rb (0.6.3)
      posix-spawn (~> 0.3.6)
      yajl-ruby (~> 1.2.0)
    rb-fsevent (0.9.7)
    rb-inotify (0.9.7)
      ffi (>= 0.5.0)
    rdiscount (2.1.7)
    redcarpet (3.3.2)
    safe_yaml (1.0.4)
    sass (3.4.21)
    simple_oauth (0.3.1)
    terminal-table (1.5.2)
    thread_safe (0.3.5)
    toml (0.1.2)
      parslet (~> 1.5.0)
    twitter (5.16.0)
      addressable (~> 2.3)
      buftok (~> 0.2.0)
      equalizer (= 0.0.10)
      faraday (~> 0.9.0)
      http (~> 1.0)
      http_parser.rb (~> 0.6.0)
      json (~> 1.8)
      memoizable (~> 0.4.0)
      naught (~> 1.0)
      simple_oauth (~> 0.3.0)
    typhoeus (0.8.0)
      ethon (>= 0.8.0)
    tzinfo (1.2.2)
      thread_safe (~> 0.1)
    unf (0.1.4)
      unf_ext
    unf_ext (0.0.7.2)
    webrobots (0.1.2)
    yajl-ruby (1.2.1)

PLATFORMS
  ruby

DEPENDENCIES
  colorize
  firebase
  firebase_token_generator
  github-pages
  jekyll
  json
  mechanize
  nokogiri
  twitter
